GEM
  remote: https://rubygems.org/
  specs:
    aws-eventstream (1.4.0)
    aws-partitions (1.1172.0)
    aws-sdk-core (3.233.0)
      aws-eventstream (~> 1, >= 1.3.0)
      aws-partitions (~> 1, >= 1.992.0)
      aws-sigv4 (~> 1.9)
      base64
      bigdecimal
      jmespath (~> 1, >= 1.6.1)
      logger
    aws-sdk-kms (1.113.0)
      aws-sdk-core (~> 3, >= 3.231.0)
      aws-sigv4 (~> 1.5)
    aws-sdk-s3 (1.199.1)
      aws-sdk-core (~> 3, >= 3.231.0)
      aws-sdk-kms (~> 1)
      aws-sigv4 (~> 1.5)
    aws-sigv4 (1.12.1)
      aws-eventstream (~> 1, >= 1.0.2)
    base64 (0.3.0)
    bigdecimal (3.3.1)
    dotenv (3.1.8)
    jmespath (1.6.2)
    logger (1.7.0)
    nio4r (2.7.4)
    puma (7.0.4)
      nio4r (~> 2.0)
    rack (3.2.3)
    rexml (3.4.4)

PLATFORMS
  aarch64-linux
  ruby

DEPENDENCIES
  aws-sdk-s3
  dotenv
  puma
  rack
  rexml

RUBY VERSION
   ruby 3.4.2p28

BUNDLED WITH
   2.6.2
